GEM
  specs:
    hologram (1.4.0)
      redcarpet (>= 2.2, < 4.0)
      rouge (>= 1.5)
    redcarpet (2.3.0)
    rouge (2.0.5)

PLATFORMS
  ruby

DEPENDENCIES
  hologram

BUNDLED WITH
   1.11.2
